GEM
  remote: https://rubygems.org/
  specs:
    yard (0.9.25)

PLATFORMS
  ruby

DEPENDENCIES
  yard

RUBY VERSION
   ruby 2.7.1p83

BUNDLED WITH
   2.1.4
